GEM
  remote: https://rubygems.org/
  specs:
    activesupport (5.0.2)
      concurrent-ruby (~> 1.0, >= 1.0.2)
      i18n (~> 0.7)
      minitest (~> 5.1)
      tzinfo (~> 1.1)
    bcrypt (3.1.11)
    byebug (9.0.6)
    colorize (0.8.1)
    concurrent-ruby (1.0.5)
    i18n (0.8.1)
    minitest (5.10.1)
    pg (0.20.0)
    rack (1.6.5)
    sqlite3 (1.3.13)
    thread_safe (0.3.6)
    tzinfo (1.2.2)
      thread_safe (~> 0.1)

PLATFORMS
  ruby

DEPENDENCIES
  activesupport
  bcrypt
  byebug
  colorize
  pg
  rack
  sqlite3

BUNDLED WITH
   1.13.6
