GEM
  remote: https://rubygems.org/
  specs:
    bcrypt (3.1.11)

PLATFORMS
  ruby

DEPENDENCIES
  bcrypt

BUNDLED WITH
   1.13.6
